GEM
  remote: https://rubygems.org/
  specs:
    minitest (4.7.0)
    rake (10.0.3)

PLATFORMS
  ruby

DEPENDENCIES
  minitest (= 4.7.0)
  rake (= 10.0.3)
